GEM
  remote: http://rubygems.org/
  specs:
    colorize (0.5.8)
    open4 (1.3.0)
    rb-fsevent (0.9.2)
    trollop (2.0)

PLATFORMS
  ruby

DEPENDENCIES
  colorize
  open4
  rb-fsevent
  trollop
