GEM
  remote: http://rubygems.org/
  specs:
    colorize (0.5.8)
    rb-fsevent (0.9.2)
    trollop (2.0)

PLATFORMS
  ruby

DEPENDENCIES
  colorize
  rb-fsevent
  trollop
